PATH
  remote: .
  specs:
    block_supervisor (1.0.0)
      syscalls (~> 1.0.0)

GEM
  remote: http://rubygems.org/
  specs:
    ast (2.3.0)
    gemma (5.0.0)
      highline (>= 1.6.21)
      minitest (>= 5.3.1)
      rake (>= 10.2.2)
      rdoc (>= 4.1.1)
      rubocop (>= 0.42.0)
      yard (>= 0.8.7)
    highline (1.7.10)
    minitest (5.10.3)
    parallel (1.12.1)
    parser (2.4.0.2)
      ast (~> 2.3)
    powerpack (0.1.1)
    rainbow (3.0.0)
    rake (13.0.1)
    rdoc (6.0.0)
    rubocop (0.52.0)
      parallel (~> 1.10)
      parser (>= 2.4.0.2, < 3.0)
      powerpack (~> 0.1)
      rainbow (>= 2.2.2, < 4.0)
      ruby-progressbar (~> 1.7)
      unicode-display_width (~> 1.0, >= 1.0.1)
    ruby-progressbar (1.9.0)
    syscalls (1.0.0)
    unicode-display_width (1.3.0)
    yard (0.9.20)

PLATFORMS
  ruby

DEPENDENCIES
  block_supervisor!
  gemma

BUNDLED WITH
   1.17.2
