PATH
  remote: .
  specs:
    block_supervisor (0.0.1)
      syscalls (~> 1.0.0)

PATH
  remote: ../syscalls_ruby
  specs:
    syscalls (1.0.0)

GEM
  remote: http://rubygems.org/
  specs:
    gemma (2.0.0)
      bundler (~> 1.0.18)
      highline (~> 1.6.2)
      minitest (~> 2.5.1)
      rake (~> 0.9.2)
      rdoc (~> 3.9.4)
      yard (~> 0.7.2)
    highline (1.6.2)
    minitest (2.5.1)
    rake (0.9.2)
    rdoc (3.9.4)
    yard (0.7.2)

PLATFORMS
  ruby

DEPENDENCIES
  block_supervisor!
  gemma (~> 2.0.0)
  syscalls!
