PATH
  remote: .
  specs:
    block_supervisor (0.0.1)
      syscalls (~> 1.0.0)

PATH
  remote: ../gemma
  specs:
    gemma (1.0.1)
      highline (>= 1.6.1, ~> 1.6)

GEM
  remote: http://rubygems.org/
  specs:
    highline (1.6.2)
    rake (0.8.7)
    rdoc (3.9.2)
    syscalls (1.0.0)

PLATFORMS
  ruby

DEPENDENCIES
  block_supervisor!
  gemma!
  rake (~> 0.8.7)
  rdoc (~> 3.9.2)
